GEM
  remote: https://rubygems.org/
  specs:
    marky_markov (0.3.5)
      msgpack
    msgpack (0.5.8)

PLATFORMS
  ruby

DEPENDENCIES
  marky_markov
